GEM
  remote: https://rubygems.org/
  specs:
    coderay (1.1.1)
    jwt (1.5.6)
    method_source (0.8.2)
    nio4r (2.5.8)
    pry (0.10.3)
      coderay (~> 1.1.0)
      method_source (~> 0.8.1)
      slop (~> 3.4)
    puma (5.6.4)
      nio4r (~> 2.0)
    rack (1.6.4)
    rack-protection (1.5.3)
      rack
    sinatra (1.4.7)
      rack (~> 1.5)
      rack-protection (~> 1.4)
      tilt (>= 1.3, < 3)
    sinatra-param (1.4.0)
      sinatra (~> 1.3)
    slop (3.6.0)
    tilt (2.0.1)

PLATFORMS
  ruby

DEPENDENCIES
  jwt
  pry
  puma
  sinatra
  sinatra-param

BUNDLED WITH
   1.17.2
